GEM
  remote: https://rubygems.org/
  specs:
    activesupport (4.0.3)
      i18n (~> 0.6, >= 0.6.4)
      minitest (~> 4.2)
      multi_json (~> 1.3)
      thread_safe (~> 0.1)
      tzinfo (~> 0.3.37)
    atomic (1.1.14)
    backports (3.6.0)
    columnize (0.3.6)
    debugger (1.6.5)
      columnize (>= 0.3.1)
      debugger-linecache (~> 1.2.0)
      debugger-ruby_core_source (~> 1.3.1)
    debugger-linecache (1.2.0)
    debugger-ruby_core_source (1.3.1)
    dependency_injection (0.4.1)
      activesupport
    dependency_injection-sinatra (0.1.0)
      dependency_injection (~> 0.4.1)
      sinatra
    dotenv (0.9.0)
    elasticsearch (1.0.0)
      elasticsearch-api (= 1.0.0)
      elasticsearch-transport (= 1.0.0)
    elasticsearch-api (1.0.0)
      multi_json
    elasticsearch-transport (1.0.0)
      faraday
      multi_json
    faraday (0.9.0)
      multipart-post (>= 1.2, < 3)
    foreman (0.63.0)
      dotenv (>= 0.7)
      thor (>= 0.13.6)
    i18n (0.6.9)
    minitest (4.7.5)
    multi_json (1.8.4)
    multipart-post (2.0.0)
    puma (2.7.1)
      rack (>= 1.1, < 2.0)
    rack (1.5.2)
    rack-protection (1.5.2)
      rack
    rack-test (0.6.2)
      rack (>= 1.0)
    rake (10.1.1)
    sinatra (1.4.4)
      rack (~> 1.4)
      rack-protection (~> 1.4)
      tilt (~> 1.3, >= 1.3.4)
    sinatra-contrib (1.4.2)
      backports (>= 2.0)
      multi_json
      rack-protection
      rack-test
      sinatra (~> 1.4.0)
      tilt (~> 1.3)
    thor (0.18.1)
    thread_safe (0.1.3)
      atomic
    tilt (1.4.1)
    tzinfo (0.3.38)

PLATFORMS
  ruby

DEPENDENCIES
  debugger (~> 1.6.5)
  dependency_injection-sinatra (~> 0.1.0)
  dotenv (~> 0.9.0)
  elasticsearch (~> 1.0.0)
  foreman (~> 0.63.0)
  puma (~> 2.7.1)
  rake (~> 10.1.1)
  sinatra (~> 1.4.4)
  sinatra-contrib (~> 1.4.2)
